GEM
  remote: https://rubygems.org/
  specs:
    coderay (1.0.9)
    method_source (0.8.2)
    pry (0.9.12.2)
      coderay (~> 1.0.5)
      method_source (~> 0.8)
      slop (~> 3.4)
    slop (3.4.6)
    sqlite3 (1.3.8)
    terminal-table (1.4.5)

PLATFORMS
  ruby

DEPENDENCIES
  pry
  sqlite3
  terminal-table
